GEM
  remote: https://rubygems.org/
  specs:
    csv (3.3.1)
    date (3.4.1)
    fileutils (1.7.3)
    nokogiri (1.17.2-x86_64-linux)
      racc (~> 1.4)
    open-uri (0.5.0)
      stringio
      time
      uri
    racc (1.8.1)
    stringio (3.1.2)
    time (0.4.1)
      date
    uri (1.0.2)

PLATFORMS
  x86_64-linux

DEPENDENCIES
  csv (= 3.3.1)
  fileutils
  nokogiri (= 1.17.2)
  open-uri (= 0.5.0)

BUNDLED WITH
   2.4.10
